PATH
  remote: .
  specs:
    bs_team_ranker (0.0.1)

GEM
  remote: https://rubygems.org/
  specs:
    minitest (5.8.3)
    rake (10.5.0)

PLATFORMS
  ruby

DEPENDENCIES
  bs_team_ranker!
  bundler (~> 1.10)
  minitest (~> 5.8)
  rake

BUNDLED WITH
   1.10.6
