PATH
  remote: .
  specs:
    bs_team_ranker (0.0.1)

GEM
  remote: https://rubygems.org/
  specs:
    minitest (5.0.8)
    rake (10.1.0)

PLATFORMS
  ruby

DEPENDENCIES
  bs_team_ranker!
  bundler (~> 1.3)
  minitest (~> 5.0)
  rake
